NUGET
  remote: https://www.nuget.org/api/v2
  specs:
    Fixie (1.0.0.11)
    Microsoft.Composition (1.0.30)
    NSubstitute (1.8.1.0)
    Should (1.1.20)
    xunit (2.0.0)
      xunit.assert (2.0.0)
      xunit.core (2.0.0)
    xunit.abstractions (2.0.0)
    xunit.assert (2.0.0)
    xunit.core (2.0.0)
      xunit.extensibility.core (2.0.0)
    xunit.extensibility.core (2.0.0)
      xunit.abstractions (2.0.0)
